GEM
  remote: https://rubygems.org/
  specs:
    background_process (1.3)
    minitest (5.5.1)
    service_manager (0.6.4)
      background_process (>= 1.2)
      tcpsocket-wait
    tcpsocket-wait (1.0.0)

PLATFORMS
  ruby

DEPENDENCIES
  minitest
  service_manager
